GEM
  remote: https://rubygems.org/
  specs:
    brahma_daemon (0.0.1)
    highline (1.6.21)

PLATFORMS
  ruby

DEPENDENCIES
  brahma_daemon
  highline
